GEM
  remote: https://rubygems.org/
  specs:
    execjs (2.2.2)
    rack (1.5.2)
    rack-protection (1.5.3)
      rack
    react_ruby (0.0.1)
      execjs (~> 2.0)
    sinatra (1.4.5)
      rack (~> 1.4)
      rack-protection (~> 1.4)
      tilt (~> 1.3, >= 1.3.4)
    tilt (1.4.1)

PLATFORMS
  ruby

DEPENDENCIES
  react_ruby
  sinatra
